GIT
  remote: git://github.com/vwall/compass-twitter-bootstrap.git
  revision: 1a7b5ce54efaf764eb317127521f7630964a3da7
  specs:
    compass_twitter_bootstrap (2.0.1.2)
      compass

GIT
  remote: git@github.com:rack/rack-contrib.git
  revision: 451f029857d655c4a37012564eb49665d2f9313a
  specs:
    rack-contrib (1.1.0)
      rack (>= 0.9.1)

GEM
  remote: http://rubygems.org/
  specs:
    activemodel (3.2.3)
      activesupport (= 3.2.3)
      builder (~> 3.0.0)
    activerecord (3.2.3)
      activemodel (= 3.2.3)
      activesupport (= 3.2.3)
      arel (~> 3.0.2)
      tzinfo (~> 0.3.29)
    activesupport (3.2.3)
      i18n (~> 0.6)
      multi_json (~> 1.0)
    arel (3.0.2)
    backports (2.5.1)
    builder (3.0.0)
    chunky_png (1.2.5)
    coffee-script (2.2.0)
      coffee-script-source
      execjs
    coffee-script-source (1.3.1)
    compass (0.12.1)
      chunky_png (~> 1.2)
      fssm (>= 0.2.7)
      sass (~> 3.1)
    diff-lcs (1.1.3)
    eventmachine (0.12.10)
    execjs (1.3.1)
      multi_json (~> 1.0)
    fssm (0.2.9)
    haml (3.1.4)
    hike (1.2.1)
    i18n (0.6.0)
    kgio (2.7.4)
    multi_json (1.3.4)
    petroglyph (0.0.2)
      tilt
    pg (0.13.2)
    rack (1.4.1)
    rack-protection (1.2.0)
      rack
    rack-test (0.6.1)
      rack (>= 1.0)
    raindrops (0.8.0)
    rake (0.9.2.2)
    rspec (2.10.0)
      rspec-core (~> 2.10.0)
      rspec-expectations (~> 2.10.0)
      rspec-mocks (~> 2.10.0)
    rspec-core (2.10.0)
    rspec-expectations (2.10.0)
      diff-lcs (~> 1.1.3)
    rspec-mocks (2.10.1)
    sass (3.1.17)
    simplecov (0.6.2)
      multi_json (~> 1.3)
      simplecov-html (~> 0.5.3)
    simplecov-html (0.5.3)
    sinatra (1.3.2)
      rack (~> 1.3, >= 1.3.6)
      rack-protection (~> 1.2)
      tilt (~> 1.3, >= 1.3.3)
    sinatra-activerecord (0.1.3)
      sinatra (>= 0.9.4)
    sinatra-contrib (1.3.1)
      backports (>= 2.0)
      eventmachine
      rack-protection
      rack-test
      sinatra (~> 1.3.0)
      tilt (~> 1.3)
    sprockets (2.4.1)
      hike (~> 1.2)
      multi_json (~> 1.0)
      rack (~> 1.0)
      tilt (~> 1.1, != 1.3.0)
    sprockets-helpers (0.4.0)
      sprockets (~> 2.0)
    sprockets-sass (0.8.0)
      sprockets (~> 2.0)
      tilt (~> 1.1)
    tilt (1.3.3)
    tzinfo (0.3.33)
    unicorn (4.3.1)
      kgio (~> 2.6)
      rack
      raindrops (~> 0.7)
    yajl-ruby (1.1.0)

PLATFORMS
  ruby

DEPENDENCIES
  activerecord
  coffee-script
  compass (~> 0.12.alpha.0)
  compass_twitter_bootstrap!
  haml
  petroglyph
  pg
  rack-contrib!
  rack-test
  rake
  rspec (~> 2.8)
  sass
  simplecov
  sinatra
  sinatra-activerecord
  sinatra-contrib
  sprockets
  sprockets-helpers (~> 0.2)
  sprockets-sass
  unicorn (~> 4.3.1)
  yajl-ruby
