GIT
  remote: git://github.com/vwall/compass-twitter-bootstrap.git
  revision: 95016c0572bd26c8e2f8ab62e09d9ff6048d0084
  specs:
    compass_twitter_bootstrap (2.2.2.2)
      compass

GIT
  remote: git@github.com:rack/rack-contrib.git
  revision: 6f337267eae0bedb4110879f2aea6b1bb2137980
  specs:
    rack-contrib (1.2.0)
      rack (>= 0.9.1)

GEM
  remote: http://rubygems.org/
  specs:
    activemodel (3.2.13)
      activesupport (= 3.2.13)
      builder (~> 3.0.0)
    activerecord (3.2.13)
      activemodel (= 3.2.13)
      activesupport (= 3.2.13)
      arel (~> 3.0.2)
      tzinfo (~> 0.3.29)
    activesupport (3.2.13)
      i18n (= 0.6.1)
      multi_json (~> 1.0)
    arel (3.0.2)
    backports (3.1.1)
    builder (3.0.4)
    chunky_png (1.2.7)
    coffee-script (2.2.0)
      coffee-script-source
      execjs
    coffee-script-source (1.6.2)
    compass (0.13.alpha.2)
      chunky_png (~> 1.2)
      listen (~> 0.5.3)
      sass (~> 3.2.0.alpha.93)
    diff-lcs (1.2.1)
    eventmachine (1.0.3)
    execjs (1.4.0)
      multi_json (~> 1.0)
    haml (4.0.1)
      tilt
    hike (1.2.1)
    i18n (0.6.1)
    kgio (2.8.0)
    listen (0.5.3)
    multi_json (1.7.2)
    petroglyph (0.0.6)
      tilt
    pg (0.15.0)
    rack (1.5.2)
    rack-protection (1.5.0)
      rack
    rack-test (0.6.2)
      rack (>= 1.0)
    raindrops (0.10.0)
    rake (10.0.4)
    rspec (2.13.0)
      rspec-core (~> 2.13.0)
      rspec-expectations (~> 2.13.0)
      rspec-mocks (~> 2.13.0)
    rspec-core (2.13.1)
    rspec-expectations (2.13.0)
      diff-lcs (>= 1.1.3, < 2.0)
    rspec-mocks (2.13.0)
    sass (3.2.7)
    simplecov (0.7.1)
      multi_json (~> 1.0)
      simplecov-html (~> 0.7.1)
    simplecov-html (0.7.1)
    sinatra (1.3.6)
      rack (~> 1.4)
      rack-protection (~> 1.3)
      tilt (~> 1.3, >= 1.3.3)
    sinatra-activerecord (1.2.2)
      activerecord (~> 3.0)
      sinatra (~> 1.0)
    sinatra-contrib (1.3.2)
      backports (>= 2.0)
      eventmachine
      rack-protection
      rack-test
      sinatra (~> 1.3.0)
      tilt (~> 1.3)
    sprockets (2.9.0)
      hike (~> 1.2)
      multi_json (~> 1.0)
      rack (~> 1.0)
      tilt (~> 1.1, != 1.3.0)
    sprockets-helpers (0.9.1)
      sprockets (~> 2.0)
    sprockets-sass (0.9.1)
      sprockets (~> 2.0)
      tilt (~> 1.1)
    tilt (1.3.6)
    tzinfo (0.3.37)
    unicorn (4.3.1)
      kgio (~> 2.6)
      rack
      raindrops (~> 0.7)
    yajl-ruby (1.1.0)

PLATFORMS
  ruby

DEPENDENCIES
  activerecord
  coffee-script
  compass (~> 0.12.alpha.0)
  compass_twitter_bootstrap!
  haml
  petroglyph
  pg
  rack-contrib!
  rack-test
  rake
  rspec (~> 2.8)
  sass
  simplecov
  sinatra
  sinatra-activerecord
  sinatra-contrib
  sprockets
  sprockets-helpers (~> 0.2)
  sprockets-sass
  unicorn (~> 4.3.1)
  yajl-ruby
